GIT
  remote: git://github.com/theodi/jiffybag.git
  revision: 664e9f96335acfcc1240d8f3f4c41e3e33ab56c1
  specs:
    jiffybag (1.0.0)
      dotenv (~> 1.0)

GEM
  remote: https://rubygems.org/
  specs:
    activesupport (3.2.22)
      i18n (~> 0.6, >= 0.6.4)
      multi_json (~> 1.0)
    addressable (2.4.0)
    backports (3.15.0)
    badgerbadgerbadger (0.15.0)
      git (~> 1.2)
      thor (~> 0.18)
    concurrent-ruby (1.1.5)
    coveralls (0.8.23)
      json (>= 1.8, < 3)
      simplecov (~> 0.16.1)
      term-ansicolor (~> 1.3)
      thor (>= 0.19.4, < 2.0)
      tins (~> 1.6)
    crack (0.4.3)
      safe_yaml (~> 1.0.0)
    diff-lcs (1.3)
    docile (1.3.2)
    dotenv (1.0.2)
    ethon (0.12.0)
      ffi (>= 1.3.0)
    faraday (0.15.4)
      multipart-post (>= 1.2, < 3)
    faraday_middleware (0.13.1)
      faraday (>= 0.7.4, < 1.0)
    ffi (1.11.1)
    fitgem (0.12.1)
      oauth
    gh (0.15.1)
      addressable (~> 2.4.0)
      backports
      faraday (~> 0.8)
      multi_json (~> 1.0)
      net-http-persistent (~> 2.9)
      net-http-pipeline
    git (1.5.0)
    hashdiff (1.0.0)
    highline (1.7.10)
    i18n (0.9.5)
      concurrent-ruby (~> 1.0)
    json (2.2.0)
    launchy (2.4.3)
      addressable (~> 2.3)
    memoist (0.16.0)
    multi_json (1.13.1)
    multipart-post (2.1.1)
    mustermann (1.0.3)
    net-http-persistent (2.9.4)
    net-http-pipeline (1.0.1)
    oauth (0.4.7)
    pusher-client (0.6.2)
      json
      websocket (~> 1.0)
    quantify (3.2.1)
      activesupport (~> 3.0)
      i18n
    rack (2.0.7)
    rack-protection (2.0.7)
      rack
    rack-test (1.1.0)
      rack (>= 1.0, < 3)
    rake (13.0.0)
    rspec (3.8.0)
      rspec-core (~> 3.8.0)
      rspec-expectations (~> 3.8.0)
      rspec-mocks (~> 3.8.0)
    rspec-core (3.8.2)
      rspec-support (~> 3.8.0)
    rspec-expectations (3.8.4)
      diff-lcs (>= 1.2.0, < 2.0)
      rspec-support (~> 3.8.0)
    rspec-mocks (3.8.1)
      diff-lcs (>= 1.2.0, < 2.0)
      rspec-support (~> 3.8.0)
    rspec-support (3.8.2)
    safe_yaml (1.0.5)
    simplecov (0.16.1)
      docile (~> 1.1)
      json (>= 1.8, < 3)
      simplecov-html (~> 0.10.0)
    simplecov-html (0.10.2)
    sinatra (2.0.7)
      mustermann (~> 1.0)
      rack (~> 2.0)
      rack-protection (= 2.0.7)
      tilt (~> 2.0)
    term-ansicolor (1.7.1)
      tins (~> 1.0)
    thor (0.20.3)
    tilt (2.0.9)
    timecop (0.9.1)
    tins (1.21.1)
    travis (1.8.10)
      backports
      faraday (~> 0.9)
      faraday_middleware (~> 0.9, >= 0.9.1)
      gh (~> 0.13)
      highline (~> 1.6)
      launchy (~> 2.1)
      pusher-client (~> 0.4)
      typhoeus (~> 0.6, >= 0.6.8)
    typhoeus (0.8.0)
      ethon (>= 0.8.0)
    vcr (5.0.0)
    webmock (3.7.5)
      addressable (>= 2.3.6)
      crack (>= 0.3.2)
      hashdiff (>= 0.4.0, < 2.0.0)
    websocket (1.2.8)

PLATFORMS
  ruby

DEPENDENCIES
  badgerbadgerbadger
  coveralls
  fitgem (~> 0.12.1)
  jiffybag!
  memoist
  quantify
  rack-test
  rake
  rspec
  sinatra (~> 2.0)
  timecop
  travis
  vcr
  webmock
